PATH
  remote: .
  specs:
    sterilize (0.3.0)
      rutie (~> 0.0.4)

GEM
  remote: https://rubygems.org/
  specs:
    diff-lcs (1.3)
    rake (10.4.2)
    rspec (3.8.0)
      rspec-core (~> 3.8.0)
      rspec-expectations (~> 3.8.0)
      rspec-mocks (~> 3.8.0)
    rspec-core (3.8.2)
      rspec-support (~> 3.8.0)
    rspec-expectations (3.8.4)
      diff-lcs (>= 1.2.0, < 2.0)
      rspec-support (~> 3.8.0)
    rspec-mocks (3.8.1)
      diff-lcs (>= 1.2.0, < 2.0)
      rspec-support (~> 3.8.0)
    rspec-support (3.8.2)
    rutie (0.0.4)

PLATFORMS
  ruby

DEPENDENCIES
  bundler (~> 2.0)
  rake (~> 10.0)
  rspec (~> 3.6)
  sterilize!

BUNDLED WITH
   2.0.2
